GEM
  remote: https://rubygems.org/
  specs:
    algorithms (0.6.1)
    pqueue (2.0.2)
    priority_queue (0.2.0)

PLATFORMS
  ruby

DEPENDENCIES
  algorithms
  pqueue
  priority_queue

BUNDLED WITH
   2.3.11
